GEM
  remote: https://rubygems.org/
  specs:
    adsf (1.2.1)
      rack (>= 1.0.0)
    colored (1.2)
    concurrent-ruby (1.0.2)
    cri (2.7.0)
      colored (~> 1.2)
    hamster (3.0.0)
      concurrent-ruby (~> 1.0)
    jsmin (1.0.1)
    mini_portile2 (2.1.0)
    nanoc (4.3.2)
      cri (~> 2.3)
      hamster (~> 3.0)
      ref (~> 2.0)
    nanoc-toolbox (0.0.7)
      jsmin (>= 1.0.1)
      nanoc (>= 3.1.6)
      nokogiri (>= 1.4.4)
    nokogiri (1.6.8)
      mini_portile2 (~> 2.1.0)
      pkg-config (~> 1.1.7)
    pkg-config (1.1.7)
    rack (2.0.1)
    ref (2.0.0)

PLATFORMS
  ruby

DEPENDENCIES
  adsf
  nanoc (~> 4.3.2)
  nanoc-toolbox

BUNDLED WITH
   1.12.5
